GEM
  remote: http://rubygems.org/
  specs:
    activesupport (3.1.3)
      multi_json (~> 1.0)
    builder (3.0.0)
    coderay (0.9.8)
    ffi (1.0.11)
    i18n (0.6.0)
    method_source (0.6.7)
      ruby_parser (>= 2.3.1)
    multi_json (1.0.4)
    nokogiri (1.5.0)
    pry (0.9.7.4)
      coderay (~> 0.9.8)
      method_source (~> 0.6.7)
      ruby_parser (>= 2.3.1)
      slop (~> 2.1.0)
    rake (0.9.2.2)
    ruby_parser (2.3.1)
      sexp_processor (~> 3.0)
    sexp_processor (3.0.9)
    slop (2.1.0)
    tidy_ffi (0.1.3)
      ffi (>= 0.3.5)
    wrest (1.5.0)
      activesupport (~> 3)
      builder (> 2.0)
      multi_json (~> 1.0)

PLATFORMS
  ruby

DEPENDENCIES
  i18n
  nokogiri
  pry
  rake
  tidy_ffi
  wrest
